GEM
  remote: https://rubygems.org/
  specs:
    activesupport (4.2.5.1)
      i18n (~> 0.7)
      json (~> 1.7, >= 1.7.7)
      minitest (~> 5.1)
      thread_safe (~> 0.3, >= 0.3.4)
      tzinfo (~> 1.1)
    axiom-types (0.1.1)
      descendants_tracker (~> 0.0.4)
      ice_nine (~> 0.11.0)
      thread_safe (~> 0.3, >= 0.3.1)
    coercible (1.0.0)
      descendants_tracker (~> 0.0.1)
    descendants_tracker (0.0.4)
      thread_safe (~> 0.3, >= 0.3.1)
    dry-equalizer (0.2.0)
    equalizer (0.0.11)
    httpclient (2.7.1)
    i18n (0.7.0)
    ice_nine (0.11.2)
    jar-dependencies (0.3.2)
    jbundler (0.9.2)
      bundler (~> 1.5)
      jar-dependencies (~> 0.2)
      maven-tools (~> 1.0.10)
      ruby-maven (~> 3.3, >= 3.3.3)
    json (1.8.3-java)
    lock_jar (0.12.6)
      naether (~> 0.14.3)
      thor (>= 0.18.1)
    maven-tools (1.0.13)
      virtus (~> 1.0)
    minitest (5.8.4)
    naether (0.14.3-java)
      httpclient
    pacer (2.0.24-java)
      lock_jar (~> 0.12.0)
    pacer-orient (2.3.6-java)
      pacer (>= 2.0.6)
    rom (1.0.0)
      dry-equalizer (~> 0.2)
      rom-mapper (~> 0.3.0)
      rom-support (~> 1.0.0)
    rom-mapper (0.3.0)
      dry-equalizer (~> 0.2)
      rom-support (~> 1.0.0)
      transproc (~> 0.4.0)
    rom-support (1.0.0)
      dry-equalizer (~> 0.2)
      transproc (~> 0.4.0)
      wisper (~> 1.6, >= 1.6.0)
    ruby-maven (3.3.10)
      ruby-maven-libs (~> 3.3.1)
    ruby-maven-libs (3.3.3)
    thor (0.19.1)
    thread_safe (0.3.5-java)
    transproc (0.4.0)
    tzinfo (1.2.2)
      thread_safe (~> 0.1)
    virtus (1.0.5)
      axiom-types (~> 0.1)
      coercible (~> 1.0)
      descendants_tracker (~> 0.0, >= 0.0.3)
      equalizer (~> 0.0, >= 0.0.9)
    wisper (1.6.1)

PLATFORMS
  java

DEPENDENCIES
  activesupport
  jbundler
  pacer
  pacer-orient
  rom

BUNDLED WITH
   1.11.2
